GIT
  remote: https://github.com/HTGovdocs/normalize.git
  revision: 10b9abf908069a2d57fe6533266447279638863f
  specs:
    normalize (0.4)

GEM
  remote: https://rubygems.org/
  specs:
    ast (2.4.0)
    benchmark-perf (0.4.0)
    benchmark-trend (0.2.0)
    diff-lcs (1.3)
    docile (1.3.1)
    dotenv (2.5.0)
    jaro_winkler (1.5.1)
    jaro_winkler (1.5.1-java)
    json (2.3.1)
    json (2.3.1-java)
    parallel (1.12.1)
    parser (2.5.1.2)
      ast (~> 2.4.0)
    powerpack (0.1.2)
    rainbow (3.0.0)
    rake (12.3.1)
    rspec (3.8.0)
      rspec-core (~> 3.8.0)
      rspec-expectations (~> 3.8.0)
      rspec-mocks (~> 3.8.0)
    rspec-benchmark (0.4.0)
      benchmark-perf (~> 0.4.0)
      benchmark-trend (~> 0.2.0)
      rspec (>= 3.0.0, < 4.0.0)
    rspec-core (3.8.0)
      rspec-support (~> 3.8.0)
    rspec-expectations (3.8.2)
      diff-lcs (>= 1.2.0, < 2.0)
      rspec-support (~> 3.8.0)
    rspec-mocks (3.8.0)
      diff-lcs (>= 1.2.0, < 2.0)
      rspec-support (~> 3.8.0)
    rspec-support (3.8.0)
    rubocop (0.59.2)
      jaro_winkler (~> 1.5.1)
      parallel (~> 1.10)
      parser (>= 2.5, != 2.5.1.1)
      powerpack (~> 0.1)
      rainbow (>= 2.2.2, < 4.0)
      ruby-progressbar (~> 1.7)
      unicode-display_width (~> 1.0, >= 1.0.1)
    ruby-progressbar (1.10.0)
    simplecov (0.16.1)
      docile (~> 1.1)
      json (>= 1.8, < 3)
      simplecov-html (~> 0.10.0)
    simplecov-html (0.10.2)
    unicode-display_width (1.4.0)

PLATFORMS
  java
  ruby

DEPENDENCIES
  dotenv
  normalize!
  rake
  rspec
  rspec-benchmark
  rubocop
  simplecov

BUNDLED WITH
   1.17.1
